GEM
  remote: https://rubygems.org/
  specs:
    concurrent-ruby (1.0.0)
    ffi (1.9.10)
    haml (4.0.7)
      tilt
    listen (3.0.5)
      rb-fsevent (>= 0.9.3)
      rb-inotify (>= 0.9)
    rack (1.6.4)
    rb-fsevent (0.9.6)
    rb-inotify (0.9.5)
      ffi (>= 0.5.0)
    sass (3.4.20)
    sprockets (3.5.2)
      concurrent-ruby (~> 1.0)
      rack (> 1, < 3)
    tilt (2.0.1)

PLATFORMS
  ruby

DEPENDENCIES
  haml
  listen
  sass
  sprockets

BUNDLED WITH
   1.11.2
